GEM
  remote: https://rubygems.org/
  specs:
    activesupport (6.0.6.1)
      concurrent-ruby (~> 1.0, >= 1.0.2)
      i18n (>= 0.7, < 2)
      minitest (~> 5.1)
      tzinfo (~> 1.1)
      zeitwerk (~> 2.2, >= 2.2.2)
    bump (0.9.0)
    concurrent-ruby (1.3.4)
    i18n (1.14.6)
      concurrent-ruby (~> 1.0)
    minitest (5.25.1)
    rake (13.0.6)
    thread_safe (0.3.6)
    tzinfo (1.2.11)
      thread_safe (~> 0.1)
    zeitwerk (2.6.18)

PLATFORMS
  ruby
  x86_64-linux

DEPENDENCIES
  activesupport (~> 6.0.2)
  bump (~> 0.9.0)
  rake (~> 13.0.1)

BUNDLED WITH
   2.5.21
